GIT
  remote: git://github.com/balanced-cookbooks/test-kitchen.git
  revision: 7ee10845a4f66e4d368499b9fe9bfb29da703008
  specs:
    test-kitchen (1.2.2.dev)
      mixlib-shellout (~> 1.2)
      net-scp (~> 1.1)
      net-ssh (~> 2.7)
      safe_yaml (~> 1.0)
      thor (~> 0.18)

GIT
  remote: git://github.com/test-kitchen/kitchen-ec2.git
  revision: 1970f56cb5a5c7a9604677909970bafbea58a169
  specs:
    kitchen-ec2 (0.8.1.dev)
      fog
      test-kitchen (~> 1.0)

GEM
  remote: https://rubygems.org/
  specs:
    builder (3.2.2)
    excon (0.39.4)
    fog (1.23.0)
      fog-brightbox
      fog-core (~> 1.23)
      fog-json
      fog-softlayer
      ipaddress (~> 0.5)
      nokogiri (~> 1.5, >= 1.5.11)
    fog-brightbox (0.2.0)
      fog-core (~> 1.22)
      fog-json
      inflecto
    fog-core (1.23.0)
      builder
      excon (~> 0.38)
      formatador (~> 0.2)
      mime-types
      net-scp (~> 1.1)
      net-ssh (>= 2.1.3)
    fog-json (1.0.0)
      multi_json (~> 1.0)
    fog-softlayer (0.3.13)
      fog-core
      fog-json
    formatador (0.2.5)
    inflecto (0.0.2)
    ipaddress (0.8.0)
    kitchen-ansible (0.0.1)
    kitchen-vagrant (0.15.0)
      test-kitchen (~> 1.0)
    mime-types (2.3)
    mini_portile (0.6.0)
    mixlib-shellout (1.4.0)
    multi_json (1.10.1)
    net-scp (1.2.1)
      net-ssh (>= 2.6.5)
    net-ssh (2.9.1)
    nokogiri (1.6.3.1)
      mini_portile (= 0.6.0)
    safe_yaml (1.0.3)
    thor (0.19.1)
    vagrant-wrapper (1.2.1.1)

PLATFORMS
  ruby

DEPENDENCIES
  kitchen-ansible
  kitchen-ec2!
  kitchen-vagrant
  test-kitchen!
  vagrant-wrapper
